GEM
  remote: https://rubygems.org/
  specs:
    ParseTree (3.0.9)
      RubyInline (~> 3.9.0)
      sexp_processor (~> 3.2.0)
    RubyInline (3.9.0)
      ZenTest (~> 4.3)
    ZenTest (4.11.0)
    byebug (4.0.3)
      columnize (= 0.9.0)
    coderay (1.1.0)
    columnize (0.9.0)
    json (1.8.2)
    method_source (0.8.2)
    minitest (5.5.1)
    pry (0.10.1)
      coderay (~> 1.1.0)
      method_source (~> 0.8.1)
      slop (~> 3.4)
    pry-byebug (3.1.0)
      byebug (~> 4.0)
      pry (~> 0.10)
    rdoc (4.2.0)
      json (~> 1.4)
    rdp-arguments (0.6.6)
      ParseTree (>= 3.0.3)
      ruby2ruby
      ruby_parser (>= 2.0.2)
    ri_for (0.6.1)
      ParseTree
      rdoc (>= 2.3)
      rdp-arguments (>= 0.6.4)
      ruby2ruby
    ruby2ruby (1.3.1)
      ruby_parser (~> 2.0)
      sexp_processor (~> 3.0)
    ruby_parser (2.3.1)
      sexp_processor (~> 3.0)
    sexp_processor (3.2.0)
    slop (3.6.0)

PLATFORMS
  ruby

DEPENDENCIES
  minitest (~> 5.5.1)
  pry-byebug
  ri_for
